PATH
  remote: .
  specs:
    bamboozled (0.0.1)
      httparty
      json

GEM
  remote: http://rubygems.org/
  specs:
    httparty (0.13.1)
      json (~> 1.8)
      multi_xml (>= 0.5.2)
    json (1.8.1)
    multi_xml (0.5.5)
    rake (10.3.2)

PLATFORMS
  ruby

DEPENDENCIES
  bamboozled!
  bundler (>= 1.6.2)
  rake
